PATH
  remote: .
  specs:
    kensa (3.0.2)
      colored (~> 1.2)
      launchy (~> 2.2.0)
      mechanize (~> 2.7.5)
      netrc (~> 0.10.3)
      rest-client (~> 2.0.2)

GEM
  remote: https://rubygems.org/
  specs:
    addressable (2.4.0)
    artifice (0.6)
      rack-test
    coderay (1.0.8)
    colored (1.2)
    contest (0.1.3)
    domain_name (0.5.20160826)
      unf (>= 0.0.5, < 1.0.0)
    fakefs (0.4.2)
    http-cookie (1.0.2)
      domain_name (~> 0.5)
    launchy (2.2.0)
      addressable (~> 2.3)
    mechanize (2.7.5)
      domain_name (~> 0.5, >= 0.5.1)
      http-cookie (~> 1.0)
      mime-types (>= 1.17.2)
      net-http-digest_auth (~> 1.1, >= 1.1.1)
      net-http-persistent (~> 2.5, >= 2.5.2)
      nokogiri (~> 1.6)
      ntlm-http (~> 0.1, >= 0.1.1)
      webrobots (>= 0.0.9, < 0.2)
    method_source (0.8.1)
    mime-types (2.99.3)
    mini_portile2 (2.1.0)
    net-http-digest_auth (1.4)
    net-http-persistent (2.9.4)
    netrc (0.10.3)
    nokogiri (1.6.8)
      mini_portile2 (~> 2.1.0)
      pkg-config (~> 1.1.7)
    ntlm-http (0.1.1)
    pkg-config (1.1.7)
    power_assert (0.2.2)
    pry (0.9.11.4)
      coderay (~> 1.0.5)
      method_source (~> 0.8)
      slop (~> 3.4)
    rack (1.6.4)
    rack-protection (1.5.3)
      rack
    rack-test (0.6.2)
      rack (>= 1.0)
    rake (10.0.4)
    rest-client (2.0.2)
      http-cookie (>= 1.0.2, < 2.0)
      mime-types (>= 1.16, < 3.0)
      netrc (~> 0.7)
    rr (1.0.4)
    sinatra (1.4.7)
      rack (~> 1.5)
      rack-protection (~> 1.4)
      tilt (>= 1.3, < 3)
    slop (3.4.3)
    test-unit (3.0.9)
      power_assert
    tilt (2.0.5)
    timecop (0.6.1)
    unf (0.1.4)
      unf_ext
    unf_ext (0.0.7.2)
    webrobots (0.1.2)

PLATFORMS
  ruby

DEPENDENCIES
  artifice (~> 0.6)
  contest (~> 0.1.3)
  fakefs (~> 0.4.2)
  kensa!
  pry
  rake
  rr (~> 1.0.4)
  sinatra (~> 1.4.7)
  test-unit
  timecop (~> 0.6.1)

BUNDLED WITH
   1.12.5
